GIT
  remote: http://github.com/decisiongrid/extension
  revision: ce158fac4c8a76d004b43900e82a4a7d9180a006
  branch: master
  specs:
    extension (0.0.2)

GIT
  remote: http://github.com/decisiongrid/initializer
  revision: 04de95e85b3f752171687b5e6eccb44b1ff915c4
  branch: master
  specs:
    initializer (0.0.3)
      extension

GIT
  remote: http://github.com/decisiongrid/output
  revision: 00a5d8b022ea8acd050fa5e44faa1c2ab393b894
  branch: master
  specs:
    output (0.0.4)
      extension
      initializer
      logging

GIT
  remote: http://github.com/decisiongrid/role
  revision: 01bc08c8a5cfd113968cf3061e28680b25db27f7
  branch: master
  specs:
    role (0.0.2)

GIT
  remote: http://github.com/decisiongrid/setter
  revision: 707ca173c4b5c128c55324cbe5aca4a2fe72a424
  branch: master
  specs:
    setter (0.0.3)
      null_object

GIT
  remote: http://github.com/decisiongrid/single
  revision: 70a45cd330400d53c55300065dbb0367a8e05815
  branch: master
  specs:
    single (0.0.4)

GIT
  remote: http://github.com/decisiongrid/try-set
  revision: d11201b27a24214bfd28ff2065df03f05c279ec7
  branch: master
  specs:
    try_set (0.0.3)

GEM
  remote: https://rubygems.org/
  specs:
    actionmailer (3.2.12)
      actionpack (= 3.2.12)
      mail (~> 2.4.4)
    actionpack (3.2.12)
      activemodel (= 3.2.12)
      activesupport (= 3.2.12)
      builder (~> 3.0.0)
      erubis (~> 2.7.0)
      journey (~> 1.0.4)
      rack (~> 1.4.5)
      rack-cache (~> 1.2)
      rack-test (~> 0.6.1)
      sprockets (~> 2.2.1)
    activemodel (3.2.12)
      activesupport (= 3.2.12)
      builder (~> 3.0.0)
    activerecord (3.2.12)
      activemodel (= 3.2.12)
      activesupport (= 3.2.12)
      arel (~> 3.0.2)
      tzinfo (~> 0.3.29)
    activeresource (3.2.12)
      activemodel (= 3.2.12)
      activesupport (= 3.2.12)
    activesupport (3.2.12)
      i18n (~> 0.6)
      multi_json (~> 1.0)
    annotate (2.5.0)
      rake
    arel (3.0.2)
    browser (0.2.1)
    builder (3.0.4)
    capybara (2.1.0)
      mime-types (>= 1.16)
      nokogiri (>= 1.3.3)
      rack (>= 1.0.0)
      rack-test (>= 0.5.4)
      xpath (~> 2.0)
    childprocess (0.3.9)
      ffi (~> 1.0, >= 1.0.11)
    chunky_png (1.2.9)
    coffee-rails (3.2.2)
      coffee-script (>= 2.2.0)
      railties (~> 3.2.0)
    coffee-script (2.2.0)
      coffee-script-source
      execjs
    coffee-script-source (1.6.3)
    columnize (0.3.6)
    compass (0.12.2)
      chunky_png (~> 1.2)
      fssm (>= 0.2.7)
      sass (~> 3.1)
    compass-rails (1.0.3)
      compass (>= 0.12.2, < 0.14)
    database_cleaner (1.0.1)
    debugger (1.6.2)
      columnize (>= 0.3.1)
      debugger-linecache (~> 1.2.0)
      debugger-ruby_core_source (~> 1.2.3)
    debugger-linecache (1.2.0)
    debugger-ruby_core_source (1.2.3)
    diff-lcs (1.2.4)
    erubis (2.7.0)
    execjs (2.0.2)
    factory_girl (4.2.0)
      activesupport (>= 3.0.0)
    factory_girl_rails (4.2.1)
      factory_girl (~> 4.2.0)
      railties (>= 3.0.0)
    faker (1.2.0)
      i18n (~> 0.5)
    fakes (1.1.4)
    ffi (1.9.0)
    fssm (0.2.10)
    given_core (3.1.1)
      sorcerer (>= 0.3.7)
    haml (4.0.3)
      tilt
    haml-contrib (1.0.0.1)
      haml (>= 3.2.0.alpha.13)
    haml-rails (0.4)
      actionpack (>= 3.1, < 4.1)
      activesupport (>= 3.1, < 4.1)
      haml (>= 3.1, < 4.1)
      railties (>= 3.1, < 4.1)
    hike (1.2.3)
    i18n (0.6.5)
    journey (1.0.4)
    jquery-rails (3.0.4)
      railties (>= 3.0, < 5.0)
      thor (>= 0.14, < 2.0)
    json (1.8.1)
    little-plugger (1.1.3)
    logging (1.8.1)
      little-plugger (>= 1.1.3)
      multi_json (>= 1.3.6)
    mail (2.4.4)
      i18n (>= 0.4.0)
      mime-types (~> 1.16)
      treetop (~> 1.4.8)
    map (6.5.1)
    mime-types (1.25)
    mini_portile (0.5.1)
    multi_json (1.8.2)
    mysql2 (0.3.13)
    nokogiri (1.6.0)
      mini_portile (~> 0.5.0)
    null_object (0.0.3)
    polyglot (0.3.3)
    puma (2.6.0)
      rack (>= 1.1, < 2.0)
    rack (1.4.5)
    rack-cache (1.2)
      rack (>= 0.4)
    rack-ssl (1.3.3)
      rack
    rack-test (0.6.2)
      rack (>= 1.0)
    rails (3.2.12)
      actionmailer (= 3.2.12)
      actionpack (= 3.2.12)
      activerecord (= 3.2.12)
      activeresource (= 3.2.12)
      activesupport (= 3.2.12)
      bundler (~> 1.0)
      railties (= 3.2.12)
    railties (3.2.12)
      actionpack (= 3.2.12)
      activesupport (= 3.2.12)
      rack-ssl (~> 1.3.2)
      rake (>= 0.8.7)
      rdoc (~> 3.4)
      thor (>= 0.14.6, < 2.0)
    rake (10.1.0)
    rdiscount (2.1.7)
    rdoc (3.12.2)
      json (~> 1.4)
    rspec (2.14.1)
      rspec-core (~> 2.14.0)
      rspec-expectations (~> 2.14.0)
      rspec-mocks (~> 2.14.0)
    rspec-core (2.14.6)
    rspec-expectations (2.14.3)
      diff-lcs (>= 1.1.3, < 2.0)
    rspec-given (3.1.1)
      given_core (= 3.1.1)
      rspec (>= 2.12)
    rspec-mocks (2.14.4)
    rspec-prof (0.0.3)
      rspec
      ruby-prof
      sc-core-ext (>= 1.2.1)
    rspec-rails (2.14.0)
      actionpack (>= 3.0)
      activesupport (>= 3.0)
      railties (>= 3.0)
      rspec-core (~> 2.14.0)
      rspec-expectations (~> 2.14.0)
      rspec-mocks (~> 2.14.0)
    ruby-prof (0.13.0)
    rubyzip (0.9.9)
    sass (3.2.12)
    sass-rails (3.2.6)
      railties (~> 3.2.0)
      sass (>= 3.1.10)
      tilt (~> 1.3)
    sc-core-ext (1.2.1)
      activesupport (>= 2.3.5)
    selenium-webdriver (2.35.1)
      childprocess (>= 0.2.5)
      multi_json (~> 1.0)
      rubyzip (< 1.0.0)
      websocket (~> 1.0.4)
    sextant (0.2.4)
      rails (>= 3.2)
    simple_uuid (0.4.0)
    sorcerer (1.0.2)
    sprockets (2.2.2)
      hike (~> 1.2)
      multi_json (~> 1.0)
      rack (~> 1.0)
      tilt (~> 1.1, != 1.3.0)
    sqlite3 (1.3.8)
    thor (0.18.1)
    tilt (1.4.1)
    treetop (1.4.15)
      polyglot
      polyglot (>= 0.3.1)
    tzinfo (0.3.38)
    websocket (1.0.7)
    xpath (2.0.0)
      nokogiri (~> 1.3)

PLATFORMS
  ruby

DEPENDENCIES
  annotate
  browser
  capybara
  coffee-rails (~> 3.2.1)
  compass-rails
  database_cleaner (= 1.0.1)
  debugger
  extension!
  factory_girl_rails
  faker
  fakes
  haml-contrib
  haml-rails
  initializer!
  jquery-rails
  map
  mysql2
  output!
  puma
  rack-test
  rails (= 3.2.12)
  rdiscount
  role!
  rspec
  rspec-given
  rspec-prof
  rspec-rails
  ruby-prof
  sass-rails (~> 3.2.3)
  selenium-webdriver
  setter!
  sextant
  simple_uuid
  single!
  sqlite3
  try_set!
